PATH
  remote: .
  specs:
    gost_hmac (0.2.0)

GEM
  remote: https://rubygems.org/
  specs:
    ansi (1.5.0)
    builder (3.2.3)
    crypto_gost3411 (0.1.3)
    minitest (5.11.3)
    minitest-reporters (1.2.0)
      ansi
      builder
      minitest (>= 5.0)
      ruby-progressbar
    rake (10.5.0)
    ruby-progressbar (1.10.0)

PLATFORMS
  x64-mingw32

DEPENDENCIES
  bundler (~> 2.0)
  crypto_gost3411
  gost_hmac!
  minitest (~> 5.0)
  minitest-reporters (= 1.2.0)
  rake (~> 10.0)

BUNDLED WITH
   2.0.1
